PATH
  remote: .
  specs:
    spreedly-core-ruby (0.1.9)
      activesupport (>= 3.0.0)
      builder
      httparty (>= 0.7.7)

GEM
  remote: http://rubygems.org/
  specs:
    activesupport (3.2.3)
      i18n (~> 0.6)
      multi_json (~> 1.0)
    addressable (2.2.7)
    archive-tar-minitar (0.5.2)
    builder (3.0.0)
    columnize (0.3.6)
    crack (0.3.1)
    httparty (0.8.1)
      multi_json
      multi_xml
    i18n (0.6.0)
    linecache19 (0.5.12)
      ruby_core_source (>= 0.1.4)
    multi_json (1.2.0)
    multi_xml (0.4.2)
    rake (0.8.7)
    ruby-debug-base19 (0.11.25)
      columnize (>= 0.3.1)
      linecache19 (>= 0.5.11)
      ruby_core_source (>= 0.1.4)
    ruby-debug19 (0.11.6)
      columnize (>= 0.3.1)
      linecache19 (>= 0.5.11)
      ruby-debug-base19 (>= 0.11.19)
    ruby_core_source (0.1.5)
      archive-tar-minitar (>= 0.5.2)
    webmock (1.6.4)
      addressable (~> 2.2, > 2.2.5)
      crack (>= 0.1.7)

PLATFORMS
  ruby

DEPENDENCIES
  rake (= 0.8.7)
  ruby-debug19
  spreedly-core-ruby!
  webmock (~> 1.6.2)
