PATH
  remote: .
  specs:
    spreedly-core-ruby (0.1.9)
      activesupport (>= 3.0.0)
      builder
      httparty (>= 0.7.7)

GEM
  remote: http://rubygems.org/
  specs:
    activesupport (3.2.3)
      i18n (~> 0.6)
      multi_json (~> 1.0)
    addressable (2.2.7)
    builder (3.0.0)
    columnize (0.3.6)
    crack (0.3.1)
    httparty (0.8.1)
      multi_json
      multi_xml
    i18n (0.6.0)
    libxml-ruby (2.3.2)
    linecache (0.46)
      rbx-require-relative (> 0.0.4)
    multi_json (1.2.0)
    multi_xml (0.4.2)
    rake (0.8.7)
    rbx-require-relative (0.0.9)
    ruby-debug (0.10.4)
      columnize (>= 0.1)
      ruby-debug-base (~> 0.10.4.0)
    ruby-debug-base (0.10.4)
      linecache (>= 0.3)
    webmock (1.6.4)
      addressable (~> 2.2, > 2.2.5)
      crack (>= 0.1.7)

PLATFORMS
  ruby

DEPENDENCIES
  libxml-ruby (~> 2.3.2)
  rake (= 0.8.7)
  ruby-debug
  spreedly-core-ruby!
  webmock (~> 1.6.2)
